GIT
  remote: https://github.com/AnimaGUS-minerva/ChariWTs.git
  revision: 6032d27ecce5160864a259b29b47782cd57e6c87
  branch: v0.9.0
  specs:
    chariwt (0.9.0)
      cbor (~> 0.5.0)
      ecdsa (~> 1.3.0)

GIT
  remote: https://github.com/AnimaGUS-minerva/ruby_ecdsa.git
  revision: 64eb588befbf65fe58209d20d5a12da646077c5b
  branch: ecdsa_interface_openssl
  specs:
    ecdsa (1.3.0)

GEM
  remote: https://rubygems.org/
  specs:
    activesupport (5.2.4.5)
      concurrent-ruby (~> 1.0, >= 1.0.2)
      i18n (>= 0.7, < 2)
      minitest (~> 5.1)
      tzinfo (~> 1.1)
    cbor (0.5.9.6)
    cbor-canonical (0.1.2)
    cbor-deterministic (0.1.3)
    cbor-diag (0.5.17)
      cbor-canonical
      cbor-deterministic
      json
      neatjson
      treetop (~> 1)
    concurrent-ruby (1.1.8)
    i18n (1.8.9)
      concurrent-ruby (~> 1.0)
    json (2.5.1)
    minitest (5.14.4)
    neatjson (0.9)
    polyglot (0.3.5)
    thread_safe (0.3.6)
    treetop (1.6.11)
      polyglot (~> 0.3)
    tzinfo (1.2.9)
      thread_safe (~> 0.1)

PLATFORMS
  ruby

DEPENDENCIES
  activesupport (~> 5.2.0)
  cbor-diag
  chariwt!
  ecdsa!

BUNDLED WITH
   2.1.4
